GIT
  remote: git://github.com/rails/rails.git
  revision: f2c0fb32c0dce7f8da0ce446e2d2f0cba5fd44b3
  specs:
    actionmailer (3.1.0.rc1)
      actionpack (= 3.1.0.rc1)
      mail (~> 2.3.0)
    actionpack (3.1.0.rc1)
      activemodel (= 3.1.0.rc1)
      activesupport (= 3.1.0.rc1)
      builder (~> 3.0.0)
      erubis (~> 2.7.0)
      i18n (~> 0.6)
      rack (~> 1.3.0)
      rack-cache (~> 1.0.1)
      rack-mount (~> 0.8.1)
      rack-test (~> 0.6.0)
      sprockets (~> 2.0.0.beta.10)
      tzinfo (~> 0.3.27)
    activemodel (3.1.0.rc1)
      activesupport (= 3.1.0.rc1)
      bcrypt-ruby (~> 2.1.4)
      builder (~> 3.0.0)
      i18n (~> 0.6)
    activerecord (3.1.0.rc1)
      activemodel (= 3.1.0.rc1)
      activesupport (= 3.1.0.rc1)
      arel (~> 2.1.1)
      tzinfo (~> 0.3.27)
    activeresource (3.1.0.rc1)
      activemodel (= 3.1.0.rc1)
      activesupport (= 3.1.0.rc1)
    activesupport (3.1.0.rc1)
      i18n (~> 0.6)
      multi_json (~> 1.0)
    rails (3.1.0.rc1)
      actionmailer (= 3.1.0.rc1)
      actionpack (= 3.1.0.rc1)
      activerecord (= 3.1.0.rc1)
      activeresource (= 3.1.0.rc1)
      activesupport (= 3.1.0.rc1)
      bundler (~> 1.0)
      railties (= 3.1.0.rc1)
    railties (3.1.0.rc1)
      actionpack (= 3.1.0.rc1)
      activesupport (= 3.1.0.rc1)
      rack-ssl (~> 1.3.2)
      rake (>= 0.8.7)
      rdoc (~> 3.4)
      thor (~> 0.14.6)

GIT
  remote: git://github.com/sstephenson/sprockets.git
  revision: fb8edc10a6aaf9ea80c8dc969df34c377f1e965c
  specs:
    sprockets (2.0.0.beta.10)
      hike (~> 1.0)
      rack (~> 1.0)
      tilt (~> 1.1, != 1.3.0)

GEM
  remote: http://rubygems.org/
  specs:
    addressable (2.2.6)
    arel (2.1.1)
    bcrypt-ruby (2.1.4)
    builder (3.0.0)
    chronic (0.2.3)
      hoe (>= 1.2.1)
    coffee-script (2.2.0)
      coffee-script-source
      execjs
    coffee-script-source (1.1.1)
    columnize (0.3.3)
    crack (0.1.8)
    daemon_controller (0.2.5)
    daemons (1.1.3)
    diff-lcs (1.1.2)
    erubis (2.7.0)
    execjs (1.1.3)
      multi_json (~> 1.0)
    faker (0.9.5)
      i18n (~> 0.4)
    fastercsv (1.5.4)
    hike (1.1.0)
    hoe (2.9.4)
      rake (>= 0.8.7)
    i18n (0.6.0)
    iconv (0.1)
    jquery-rails (1.0.11)
      railties (~> 3.0)
      thor (~> 0.14)
    json (1.4.6)
    kgio (2.4.2)
    libxml-ruby (1.1.3)
    linecache (0.45)
    machinist (1.0.6)
    mail (2.3.0)
      i18n (>= 0.4.0)
      mime-types (~> 1.16)
      treetop (~> 1.4.8)
    memcache-client (1.8.5)
    mime-types (1.16)
    multi_json (1.0.3)
    mysql (2.8.1)
    oniguruma (1.1.0)
    polyglot (0.3.1)
    rack (1.3.0)
    rack-cache (1.0.2)
      rack (>= 0.4)
    rack-mount (0.8.1)
      rack (>= 1.0.0)
    rack-ssl (1.3.2)
      rack
    rack-test (0.6.0)
      rack (>= 1.0)
    rails_autolink (1.0.1)
      rails (~> 3.1.0.a)
    rake (0.8.7)
    rchardet (1.3)
    rdoc (3.6.1)
    redis (2.2.1)
    redis-namespace (0.8.0)
      redis (< 3.0.0)
    resque (1.10.0)
      json (~> 1.4.6)
      redis-namespace (~> 0.8.0)
      sinatra (>= 0.9.2)
      vegas (~> 0.1.2)
    rest-client (1.6.3)
      mime-types (>= 1.16)
    rspec (2.6.0)
      rspec-core (~> 2.6.0)
      rspec-expectations (~> 2.6.0)
      rspec-mocks (~> 2.6.0)
    rspec-core (2.6.4)
    rspec-expectations (2.6.0)
      diff-lcs (~> 1.1.2)
    rspec-mocks (2.6.0)
    rspec-rails (2.6.1)
      actionpack (~> 3.0)
      activesupport (~> 3.0)
      railties (~> 3.0)
      rspec (~> 2.6.0)
    ruby-debug (0.10.4)
      columnize (>= 0.1)
      ruby-debug-base (~> 0.10.4.0)
    ruby-debug-base (0.10.4)
      linecache (>= 0.3)
    rubyzip (0.9.4)
    sinatra (1.2.6)
      rack (~> 1.1)
      tilt (>= 1.2.2, < 2.0)
    system_timer (1.2.4)
    thor (0.14.6)
    tilt (1.3.2)
    treetop (1.4.9)
      polyglot (>= 0.3.1)
    tzinfo (0.3.28)
    uglifier (0.5.4)
      execjs (>= 0.3.0)
      multi_json (>= 1.0.2)
    unicorn (3.7.0)
      kgio (~> 2.3)
      rack
    vegas (0.1.8)
      rack (>= 1.0.0)
    webmock (1.6.4)
      addressable (~> 2.2, > 2.2.5)
      crack (>= 0.1.7)

PLATFORMS
  ruby

DEPENDENCIES
  chronic (= 0.2.3)
  coffee-script
  daemon_controller (= 0.2.5)
  daemons
  faker
  fastercsv
  iconv
  jquery-rails
  json
  libxml-ruby (= 1.1.3)
  machinist
  memcache-client
  mime-types
  mysql
  oniguruma
  rails!
  rails_autolink
  rake (~> 0.8.0)
  rchardet
  rdoc
  resque (= 1.10.0)
  rest-client
  rspec-rails (>= 2.0.1)
  ruby-debug
  rubyzip
  sprockets!
  system_timer
  thor
  uglifier
  unicorn
  webmock
